GEM
  remote: https://rubygems.org/
  specs:
    awesome_print (1.6.1)
    byebug (9.1.0)
    coderay (1.1.1)
    color-generator (0.0.4)
    ffi (1.9.10)
    formatador (0.2.5)
    geo3d (0.1.5)
    guard (2.13.0)
      formatador (>= 0.2.4)
      listen (>= 2.7, <= 4.0)
      lumberjack (~> 1.0)
      nenv (~> 0.1)
      notiffany (~> 0.0)
      pry (>= 0.9.12)
      shellany (~> 0.0)
      thor (>= 0.18.1)
    guard-compat (1.2.1)
    guard-shell (0.7.1)
      guard (>= 2.0.0)
      guard-compat (~> 1.0)
    listen (3.0.6)
      rb-fsevent (>= 0.9.3)
      rb-inotify (>= 0.9.7)
    lumberjack (1.0.10)
    method_source (0.8.2)
    minitest (5.8.4)
    nenv (0.3.0)
    notiffany (0.0.8)
      nenv (~> 0.1)
      shellany (~> 0.0)
    pry (0.10.3)
      coderay (~> 1.1.0)
      method_source (~> 0.8.1)
      slop (~> 3.4)
    rb-fsevent (0.9.7)
    rb-inotify (0.9.7)
      ffi (>= 0.5.0)
    ruby-sdl2 (0.3.0)
    shellany (0.0.1)
    slop (3.6.0)
    stackprof (0.2.8)
    thor (0.19.1)
    wavefront (0.1.2)

PLATFORMS
  ruby

DEPENDENCIES
  awesome_print
  byebug (~> 9.1)
  color-generator (~> 0.0.4)
  geo3d
  guard
  guard-shell
  minitest
  ruby-sdl2
  stackprof
  wavefront

BUNDLED WITH
   1.15.4
